GEM
  remote: http://rubygems.org/
  specs:
    diff-lcs (1.1.3)
    numerizer (0.1.1)
    rake (0.9.2.2)
    rcov (0.9.9)
    rspec (2.11.0)
      rspec-core (~> 2.11.0)
      rspec-expectations (~> 2.11.0)
      rspec-mocks (~> 2.11.0)
    rspec-core (2.11.1)
    rspec-expectations (2.11.2)
      diff-lcs (~> 1.1.3)
    rspec-mocks (2.11.2)

PLATFORMS
  ruby

DEPENDENCIES
  bundler
  numerizer (~> 0.1.1)
  rake
  rcov
  rspec (~> 2.11.0)
